NUGET
  remote: https://www.nuget.org/api/v2
    doboz4net (1.0.1) - restriction: >= net471
    FAKE (5.2)
    lz4net (1.0.15.93) - restriction: >= net471
    ManyConsole (1.0.0.4) - restriction: >= net471
      Mono.Options (>= 5.3)
    Mono.Cecil (0.10) - restriction: >= net471
    Mono.Options (5.3.0.1) - restriction: >= net471
    NDesk.Options (0.2.1) - restriction: >= net471
    NLog (4.5.7) - restriction: >= net471
    NuGet.CommandLine (4.7)
